PATH
  remote: .
  specs:
    rails_memory_bloat (0.1.0)

GEM
  remote: https://rubygems.org/
  specs:
    active-record-instance-count (0.0.1)
    rake (10.5.0)

PLATFORMS
  ruby

DEPENDENCIES
  active-record-instance-count
  bundler (~> 1.11)
  rails_memory_bloat!
  rake (~> 10.0)

BUNDLED WITH
   1.11.2
